GIT
  remote: https://github.com/DatabaseCleaner/database_cleaner-mongoid
  revision: 8873b75559ccb21e744de1b1681ab9ab26735802
  specs:
    database_cleaner-mongoid (2.0.0)

GEM
  remote: https://rubygems.org/
  specs:
    activemodel (5.1.6)
      activesupport (= 5.1.6)
    activesupport (5.1.6)
      concurrent-ruby (~> 1.0, >= 1.0.2)
      i18n (>= 0.7, < 2)
      minitest (~> 5.1)
      tzinfo (~> 1.1)
    bcrypt (3.1.11)
    bson (4.3.0)
    concurrent-ruby (1.0.5)
    cuba (3.9.2)
      rack (>= 1.6.0)
    diff-lcs (1.3)
    docile (1.3.0)
    dotenv (2.2.1)
    i18n (1.0.0)
      concurrent-ruby (~> 1.0)
    json (2.1.0)
    minitest (5.11.3)
    mongo (2.5.1)
      bson (>= 4.3.0, < 5.0.0)
    mongoid (7.0.0)
      activemodel (>= 5.1, < 6.0.0)
      mongo (>= 2.5.1, < 3.0.0)
    puma (3.11.3)
    rack (2.0.4)
    rspec (3.7.0)
      rspec-core (~> 3.7.0)
      rspec-expectations (~> 3.7.0)
      rspec-mocks (~> 3.7.0)
    rspec-core (3.7.1)
      rspec-support (~> 3.7.0)
    rspec-expectations (3.7.0)
      diff-lcs (>= 1.2.0, < 2.0)
      rspec-support (~> 3.7.0)
    rspec-mocks (3.7.0)
      diff-lcs (>= 1.2.0, < 2.0)
      rspec-support (~> 3.7.0)
    rspec-support (3.7.1)
    simplecov (0.16.1)
      docile (~> 1.1)
      json (>= 1.8, < 3)
      simplecov-html (~> 0.10.0)
    simplecov-html (0.10.2)
    thread_safe (0.3.6)
    tzinfo (1.2.5)
      thread_safe (~> 0.1)

PLATFORMS
  ruby

DEPENDENCIES
  bcrypt
  cuba
  database_cleaner-mongoid!
  dotenv
  mongoid
  puma (~> 3.0)
  rspec
  simplecov

RUBY VERSION
   ruby 2.4.1p111

BUNDLED WITH
   1.16.1
